PATH
  remote: .
  specs:
    rails5-spec-converter (2.0.0)
      astrolabe (~> 1.2)
      parser (>= 2.3.0.7)

GEM
  remote: https://rubygems.org/
  specs:
    ast (2.4.2)
    astrolabe (1.3.1)
      parser (~> 2.2)
    byebug (11.1.3)
    diff-lcs (1.4.4)
    parser (2.7.2.0)
      ast (~> 2.4.1)
    rake (10.5.0)
    rspec (3.10.0)
      rspec-core (~> 3.10.0)
      rspec-expectations (~> 3.10.0)
      rspec-mocks (~> 3.10.0)
    rspec-core (3.10.1)
      rspec-support (~> 3.10.0)
    rspec-expectations (3.10.1)
      diff-lcs (>= 1.2.0, < 2.0)
      rspec-support (~> 3.10.0)
    rspec-mocks (3.10.2)
      diff-lcs (>= 1.2.0, < 2.0)
      rspec-support (~> 3.10.0)
    rspec-support (3.10.2)

PLATFORMS
  ruby

DEPENDENCIES
  bundler (~> 1.10)
  byebug
  rails5-spec-converter!
  rake (~> 10.0)
  rspec

BUNDLED WITH
   1.17.3
